GEM
  remote: http://rubygems.org/
  specs:
    activesupport (3.1.0)
      multi_json (~> 1.0)
    addressable (2.2.6)
    builder (3.0.0)
    heroku (2.5.1)
      launchy (>= 0.3.2)
      rest-client (~> 1.6.1)
      term-ansicolor (~> 1.0.5)
    httparty (0.8.0)
      multi_json
      multi_xml
    i18n (0.6.0)
    json (1.6.1)
    jwt (0.1.3)
      json (>= 1.2.4)
    launchy (2.0.5)
      addressable (~> 2.2.6)
    mime-types (1.17.1)
    multi_json (1.0.3)
    multi_xml (0.4.1)
    rack (1.3.5)
    rack-protection (1.1.4)
      rack
    rest-client (1.6.7)
      mime-types (>= 1.16)
    sinatra (1.3.1)
      rack (>= 1.3.4, ~> 1.3)
      rack-protection (>= 1.1.2, ~> 1.1)
      tilt (>= 1.3.3, ~> 1.3)
    term-ansicolor (1.0.7)
    tilt (1.3.3)
    twilio-rb (2.0.1)
      activesupport (>= 3.0.0)
      builder (>= 3.0.0)
      httparty (>= 0.6.1)
      i18n (~> 0.5)
      jwt (>= 0.1.3)
      yajl-ruby (>= 0.7.7)
    yajl-ruby (1.0.0)

PLATFORMS
  ruby

DEPENDENCIES
  heroku (= 2.5.1)
  sinatra (= 1.3.1)
  twilio-rb (= 2.0.1)
